GEM
  remote: http://rubygems.org/
  specs:
    addressable (2.2.4)
    facets (2.9.2)
    haml (3.1.3)
    httpclient (2.2.1)
    json (1.6.1)
    json_pure (1.6.1)
    kasabi (0.1.2)
      httpclient (>= 2.1.3.1)
      json (>= 1.1.3)
      linkeddata (>= 0.3.1)
      mime-types (>= 1.16)
      mocha (>= 0.9.5)
    linkeddata (0.3.1)
      rdf (~> 0.3.1)
      rdf-isomorphic (~> 0.3.1)
      rdf-json (~> 0.3.0)
      rdf-n3 (~> 0.3.0)
      rdf-rdfa (~> 0.3.0)
      rdf-rdfxml (~> 0.3.0)
      rdf-trix (~> 0.3.0)
    macaddr (1.4.0)
      systemu (~> 2.2.0)
    metaclass (0.0.1)
    mime-types (1.16)
    mocha (0.10.0)
      metaclass (~> 0.0.1)
    nokogiri (1.5.0)
    rack (1.3.3)
    rack-linkeddata (0.3.0)
      linkeddata (~> 0.3.0)
      rack (>= 1.0)
    rdf (0.3.3)
      addressable (= 2.2.4)
    rdf-isomorphic (0.3.4)
      rdf (>= 0.2.3)
    rdf-json (0.3.0)
      json_pure (>= 1.4.2)
      rdf (~> 0.3.0)
    rdf-n3 (0.3.5)
      rdf (>= 0.3.3)
    rdf-rdfa (0.3.6)
      facets (>= 2.9.1)
      haml (>= 3.0.0)
      nokogiri (>= 1.4.4)
      rdf (>= 0.3.3)
    rdf-rdfxml (0.3.4)
      nokogiri (>= 1.4.4)
      rdf (>= 0.3.3)
    rdf-trix (0.3.0)
      rdf (~> 0.3.0)
    sinatra (1.2.6)
      rack (~> 1.1)
      tilt (>= 1.2.2, < 2.0)
    systemu (2.2.0)
    tilt (1.3.3)
    uuid (2.3.3)
      macaddr (~> 1.0)

PLATFORMS
  ruby

DEPENDENCIES
  kasabi
  linkeddata
  rack-linkeddata
  rdf
  sinatra
  uuid
